PATH
  remote: .
  specs:
    invariance (0.1.0)
      treetop (~> 1.6.10)

GEM
  remote: https://rubygems.org/
  specs:
    coderay (1.1.2)
    method_source (0.9.2)
    polyglot (0.3.5)
    pry (0.12.2)
      coderay (~> 1.1.0)
      method_source (~> 0.9.0)
    rake (10.5.0)
    treetop (1.6.10)
      polyglot (~> 0.3)

PLATFORMS
  ruby

DEPENDENCIES
  bundler (~> 1.17)
  invariance!
  pry
  rake (~> 10.0)

BUNDLED WITH
   1.17.2
